PATH
  remote: .
  specs:
    shoes (4.0.0.pre1)
      facets
      log4jruby
      swt

GEM
  remote: http://rubygems.org/
  specs:
    builder (3.0.0)
    cucumber (1.1.0)
      builder (>= 2.1.2)
      diff-lcs (>= 1.1.2)
      gherkin (~> 2.5.0)
      json (>= 1.4.6)
      term-ansicolor (>= 1.0.6)
    diff-lcs (1.1.3)
    facets (2.9.2)
    ffi (1.0.11)
    ffi (1.0.11-java)
    gherkin (2.5.1)
      json (>= 1.4.6)
    gherkin (2.5.1-java)
      json (>= 1.4.6)
    guard (1.0.0)
      ffi (>= 0.5.0)
      thor (~> 0.14.6)
    guard-rspec (0.6.0)
      guard (>= 0.10.0)
    json (1.6.1)
    json (1.6.1-java)
    log4jruby (0.4.0)
    rake (0.9.2)
    rspec (2.10.0)
      rspec-core (~> 2.10.0)
      rspec-expectations (~> 2.10.0)
      rspec-mocks (~> 2.10.0)
    rspec-core (2.10.1)
    rspec-expectations (2.10.0)
      diff-lcs (~> 1.1.3)
    rspec-mocks (2.10.1)
    swt (0.12)
    term-ansicolor (1.0.6)
    thor (0.14.6)

PLATFORMS
  java
  ruby

DEPENDENCIES
  cucumber
  guard
  guard-rspec
  rake
  rspec (~> 2.10)
  shoes!
