GEM
  remote: http://rubygems.org/
  specs:
    builder (3.0.0)
    columnize (0.3.6)
    cucumber (1.1.0)
      builder (>= 2.1.2)
      diff-lcs (>= 1.1.2)
      gherkin (~> 2.5.0)
      json (>= 1.4.6)
      term-ansicolor (>= 1.0.6)
    diff-lcs (1.1.3)
    facets (2.9.2)
    ffi (1.0.11)
    ffi (1.0.11-java)
    gherkin (2.5.1)
      json (>= 1.4.6)
    gherkin (2.5.1-java)
      json (>= 1.4.6)
    guard (1.0.0)
      ffi (>= 0.5.0)
      thor (~> 0.14.6)
    guard-rspec (0.6.0)
      guard (>= 0.10.0)
    json (1.6.1)
    json (1.6.1-java)
    linecache (0.46)
      rbx-require-relative (> 0.0.4)
    log4jruby (0.4.0)
    rake (0.9.2)
    rbx-require-relative (0.0.5)
    rspec (2.6.0)
      rspec-core (~> 2.6.0)
      rspec-expectations (~> 2.6.0)
      rspec-mocks (~> 2.6.0)
    rspec-core (2.6.4)
    rspec-expectations (2.6.0)
      diff-lcs (~> 1.1.2)
    rspec-mocks (2.6.0)
    ruby-debug (0.10.4)
      columnize (>= 0.1)
      ruby-debug-base (~> 0.10.4.0)
    ruby-debug-base (0.10.4)
      linecache (>= 0.3)
    ruby-debug-base (0.10.4-java)
    swt (0.12)
    term-ansicolor (1.0.6)
    thor (0.14.6)

PLATFORMS
  java
  ruby

DEPENDENCIES
  cucumber
  facets
  gherkin
  guard
  guard-rspec
  log4jruby
  rake
  rspec (~> 2.0)
  ruby-debug
  swt
